GIT
  remote: git://github.com/futuresimple/gaminator.git
  revision: 9eabacfbea37669dd94e9d5f7df293609b94d96b
  specs:
    gaminator (0.0.5)

GEM
  remote: https://rubygems.org/
  specs:
    diff-lcs (1.1.3)
    rspec (2.12.0)
      rspec-core (~> 2.12.0)
      rspec-expectations (~> 2.12.0)
      rspec-mocks (~> 2.12.0)
    rspec-core (2.12.2)
    rspec-expectations (2.12.1)
      diff-lcs (~> 1.1.3)
    rspec-mocks (2.12.2)

PLATFORMS
  ruby

DEPENDENCIES
  gaminator!
  rspec
